GIT
  remote: git://github.com/botandrose/spar.git
  revision: 00c34a9fe85a8e9d759b852db35f255f76670222
  specs:
    spar (1.0.9)
      aws-sdk
      bundler (~> 1.0, >= 1.0.18)
      cloudfront-invalidator
      coffee-script (~> 2.2, >= 2.2.0)
      compass (~> 0.12, >= 0.12.2)
      haml (~> 3.1, >= 3.1.4)
      haml_coffee_assets (~> 1.5, >= 1.5.1)
      listen (~> 0.4, >= 0.4.2)
      mime-types
      rack (~> 1.4, >= 1.4.1)
      rake (~> 0.9, >= 0.9.2)
      sass (~> 3.1, >= 3.1.10)
      sinatra (~> 1.3, >= 1.3.2)
      sprockets (~> 2.6, >= 2.6.0)
      sprockets-sass (~> 0.9, >= 0.9.1)
      thor (~> 0.15, >= 0.15.2)
      uglifier (~> 1.0, >= 1.0.3)
      yui-compressor

GEM
  remote: https://rubygems.org/
  specs:
    aws-sdk (1.32.0)
      json (~> 1.4)
      nokogiri (>= 1.4.4)
      uuidtools (~> 2.1)
    chunky_png (1.2.9)
    cloudfront-invalidator (0.2.0)
      ruby-hmac
    coffee-script (2.2.0)
      coffee-script-source
      execjs
    coffee-script-source (1.6.3)
    compass (0.12.2)
      chunky_png (~> 1.2)
      fssm (>= 0.2.7)
      sass (~> 3.1)
    execjs (2.0.2)
    fssm (0.2.10)
    haml (3.1.8)
    haml_coffee_assets (1.16.0)
      coffee-script (~> 2.0)
      sprockets (~> 2.0)
      tilt (~> 1.1)
    hike (1.2.3)
    json (1.8.1)
    listen (0.7.3)
    mime-types (2.0)
    mini_portile (0.5.2)
    multi_json (1.8.4)
    nokogiri (1.6.1)
      mini_portile (~> 0.5.0)
    rack (1.5.2)
    rack-protection (1.5.2)
      rack
    rake (0.9.6)
    ruby-hmac (0.4.0)
    sass (3.2.13)
    sinatra (1.4.4)
      rack (~> 1.4)
      rack-protection (~> 1.4)
      tilt (~> 1.3, >= 1.3.4)
    sprockets (2.10.1)
      hike (~> 1.2)
      multi_json (~> 1.0)
      rack (~> 1.0)
      tilt (~> 1.1, != 1.3.0)
    sprockets-sass (0.9.1)
      sprockets (~> 2.0)
      tilt (~> 1.1)
    thor (0.18.1)
    tilt (1.4.1)
    uglifier (1.3.0)
      execjs (>= 0.3.0)
      multi_json (~> 1.0, >= 1.0.2)
    uuidtools (2.1.4)
    yui-compressor (0.12.0)

PLATFORMS
  ruby

DEPENDENCIES
  compass
  haml
  spar!
